GEM
  remote: http://rubygems.org/
  specs:
    RedCloth (4.2.9)
    activesupport (3.2.13)
      i18n (= 0.6.1)
      multi_json (~> 1.0)
    builder (3.2.0)
    coderay (1.0.9)
    colorize (0.5.8)
    coveralls (0.6.3)
      colorize
      multi_json (~> 1.3)
      rest-client
      simplecov (>= 0.7)
      thor
    cucumber (1.2.3)
      builder (>= 2.1.2)
      diff-lcs (>= 1.1.3)
      gherkin (~> 2.11.6)
      multi_json (~> 1.3)
    diff-lcs (1.2.1)
    gherkin (2.11.6)
      json (>= 1.7.6)
    guard (1.6.2)
      listen (>= 0.6.0)
      lumberjack (>= 1.0.2)
      pry (>= 0.9.10)
      terminal-table (>= 1.4.3)
      thor (>= 0.14.6)
    guard-rspec (2.5.1)
      guard (>= 1.1)
      rspec (~> 2.11)
    hoe (3.5.2)
      rake (>= 0.8, < 11.0)
    i18n (0.6.1)
    json (1.7.7)
    listen (0.7.3)
    lumberjack (1.0.3)
    method_source (0.8.1)
    mime-types (1.21)
    multi_json (1.7.2)
    newgem (1.5.2)
      RedCloth (>= 4.1.1)
      activesupport (>= 2.0.2)
      cucumber (>= 0.3.11)
      hoe (>= 2.3.1)
      hoe (>= 2.3.1)
      rubigen (>= 1.5.2)
      syntax (>= 1.0.0)
    pry (0.9.12)
      coderay (~> 1.0.5)
      method_source (~> 0.8)
      slop (~> 3.4)
    rake (10.0.4)
    rest-client (1.6.7)
      mime-types (>= 1.16)
    rspec (2.13.0)
      rspec-core (~> 2.13.0)
      rspec-expectations (~> 2.13.0)
      rspec-mocks (~> 2.13.0)
    rspec-core (2.13.1)
    rspec-expectations (2.13.0)
      diff-lcs (>= 1.1.3, < 2.0)
    rspec-mocks (2.13.0)
    rubigen (1.5.7)
      activesupport (>= 2.3.5)
      i18n
    simplecov (0.7.1)
      multi_json (~> 1.0)
      simplecov-html (~> 0.7.1)
    simplecov-html (0.7.1)
    slop (3.4.4)
    syntax (1.0.0)
    terminal-table (1.4.5)
    thor (0.18.0)

PLATFORMS
  ruby

DEPENDENCIES
  activesupport (~> 3.2.13)
  bundler
  coveralls
  guard
  guard-rspec
  hoe
  newgem
  rake
  rspec
  simplecov (~> 0.7.0)
