GEM
  remote: http://rubygems.org/
  specs:
    RedCloth (4.2.9)
    activesupport (2.3.14)
    diff-lcs (1.1.3)
    hoe (3.0.1)
      rake (~> 0.8)
    multi_json (1.2.0)
    newgem (1.5.3)
      RedCloth (>= 4.1.1)
      activesupport (~> 2.3.4)
      hoe (>= 2.4.0)
      rubigen (>= 1.5.3)
      syntax (>= 1.0.0)
    rake (0.9.2.2)
    rspec (2.9.0)
      rspec-core (~> 2.9.0)
      rspec-expectations (~> 2.9.0)
      rspec-mocks (~> 2.9.0)
    rspec-core (2.9.0)
    rspec-expectations (2.9.0)
      diff-lcs (~> 1.1.3)
    rspec-mocks (2.9.0)
    rubigen (1.5.8)
      activesupport (>= 2.3.5, < 3.2.0)
    simplecov (0.6.1)
      multi_json (~> 1.0)
      simplecov-html (~> 0.5.3)
    simplecov-html (0.5.3)
    syntax (1.0.0)

PLATFORMS
  ruby

DEPENDENCIES
  hoe
  newgem
  rake
  rspec
  simplecov
